PATH
  remote: .
  specs:
    devise_slack_notifiable (0.1.0)
      slack-notifier

GEM
  remote: https://rubygems.org/
  specs:
    diff-lcs (1.3)
    rake (12.3.3)
    rspec (3.9.0)
      rspec-core (~> 3.9.0)
      rspec-expectations (~> 3.9.0)
      rspec-mocks (~> 3.9.0)
    rspec-core (3.9.2)
      rspec-support (~> 3.9.3)
    rspec-expectations (3.9.2)
      diff-lcs (>= 1.2.0, < 2.0)
      rspec-support (~> 3.9.0)
    rspec-mocks (3.9.1)
      diff-lcs (>= 1.2.0, < 2.0)
      rspec-support (~> 3.9.0)
    rspec-support (3.9.3)
    slack-notifier (2.3.2)

PLATFORMS
  x64-mingw32

DEPENDENCIES
  devise_slack_notifiable!
  rake (~> 12.0)
  rspec (~> 3.0)
  slack-notifier

BUNDLED WITH
   2.1.4
